GEM
  remote: https://rubygems.org/
  specs:
    activesupport (4.2.5.1)
      i18n (~> 0.7)
      json (~> 1.7, >= 1.7.7)
      minitest (~> 5.1)
      thread_safe (~> 0.3, >= 0.3.4)
      tzinfo (~> 1.1)
    bcrypt (3.1.10)
    concurrent-ruby (1.0.1)
    connection_pool (2.2.0)
    daemons (1.2.3)
    diff-lcs (1.2.5)
    enumerable-lazy (0.0.1)
    eventmachine (1.0.9.1)
    foreman (0.78.0)
      thor (~> 0.19.1)
    i18n (0.7.0)
    json (1.8.3)
    mail (2.6.3)
      mime-types (>= 1.16, < 3)
    mime-types (2.99)
    mina (0.3.8)
      open4 (~> 1.3.4)
      rake
    minitest (5.8.4)
    moneta (0.7.20)
    mustermann19 (0.4.0)
      enumerable-lazy
    mysql2 (0.4.2)
    open4 (1.3.4)
    padrino (0.13.1)
      padrino-admin (= 0.13.1)
      padrino-cache (= 0.13.1)
      padrino-core (= 0.13.1)
      padrino-gen (= 0.13.1)
      padrino-helpers (= 0.13.1)
      padrino-mailer (= 0.13.1)
      padrino-support (= 0.13.1)
    padrino-admin (0.13.1)
      padrino-core (= 0.13.1)
      padrino-helpers (= 0.13.1)
    padrino-cache (0.13.1)
      moneta (~> 0.7.0)
      padrino-core (= 0.13.1)
      padrino-helpers (= 0.13.1)
    padrino-core (0.13.1)
      activesupport (>= 3.1)
      mustermann19
      padrino-support (= 0.13.1)
      rack-protection (>= 1.5.0)
      sinatra (~> 1.4.6)
      thor (~> 0.18)
    padrino-gen (0.13.1)
      bundler (~> 1.0)
      padrino-core (= 0.13.1)
    padrino-helpers (0.13.1)
      i18n (~> 0.6, >= 0.6.7)
      padrino-support (= 0.13.1)
      tilt (~> 1.4.1)
    padrino-mailer (0.13.1)
      mail (~> 2.5)
      padrino-core (= 0.13.1)
    padrino-support (0.13.1)
      activesupport (>= 3.1)
    rack (1.6.4)
    rack-protection (1.5.3)
      rack
    rack-test (0.6.3)
      rack (>= 1.0)
    rake (10.5.0)
    redis (3.2.2)
    rspec (3.4.0)
      rspec-core (~> 3.4.0)
      rspec-expectations (~> 3.4.0)
      rspec-mocks (~> 3.4.0)
    rspec-core (3.4.3)
      rspec-support (~> 3.4.0)
    rspec-expectations (3.4.0)
      diff-lcs (>= 1.2.0, < 2.0)
      rspec-support (~> 3.4.0)
    rspec-mocks (3.4.1)
      diff-lcs (>= 1.2.0, < 2.0)
      rspec-support (~> 3.4.0)
    rspec-support (3.4.1)
    sequel (4.31.0)
    sidekiq (4.1.1)
      concurrent-ruby (~> 1.0)
      connection_pool (~> 2.2, >= 2.2.0)
      redis (~> 3.2, >= 3.2.1)
    sinatra (1.4.7)
      rack (~> 1.5)
      rack-protection (~> 1.4)
      tilt (>= 1.3, < 3)
    slim (3.0.6)
      temple (~> 0.7.3)
      tilt (>= 1.3.3, < 2.1)
    temple (0.7.6)
    thin (1.6.4)
      daemons (~> 1.0, >= 1.0.9)
      eventmachine (~> 1.0, >= 1.0.4)
      rack (~> 1.0)
    thor (0.19.1)
    thread_safe (0.3.5)
    tilt (1.4.1)
    tzinfo (1.2.2)
      thread_safe (~> 0.1)

PLATFORMS
  ruby

DEPENDENCIES
  bcrypt
  foreman
  mail
  mina
  mysql2
  padrino (= 0.13.1)
  rack-test
  rake
  rspec
  sequel
  sidekiq
  slim
  thin

BUNDLED WITH
   1.11.2
